GEM
  remote: https://rubygems.org/
  specs:
    byebug (11.1.3)
    cliver (0.3.2)
    coderay (1.1.2)
    method_source (1.0.0)
    mini_portile2 (2.8.0)
    nokogiri (1.13.9)
      mini_portile2 (~> 2.8.0)
      racc (~> 1.4)
    pdf-forms (1.2.0)
      cliver (~> 0.3.2)
      safe_shell (>= 1.0.3, < 2.0)
    pry (0.13.1)
      coderay (~> 1.1)
      method_source (~> 1.0)
    pry-byebug (3.9.0)
      byebug (~> 11.0)
      pry (~> 0.13.0)
    racc (1.6.0)
    rake (13.0.1)
    safe_shell (1.1.0)

PLATFORMS
  ruby

DEPENDENCIES
  nokogiri (~> 1.13)
  pdf-forms (~> 1.2)
  pry-byebug (~> 3.9)
  rake (~> 13.0, >= 13.0.1)

BUNDLED WITH
   1.17.3
